PATH
  remote: .
  specs:
    karatekit (0.1.0)
      sawyer (~> 0.8.0, >= 0.5.3)

GEM
  remote: https://rubygems.org/
  specs:
    addressable (2.5.2)
      public_suffix (>= 2.0.2, < 4.0)
    coderay (1.1.2)
    faraday (0.15.4)
      multipart-post (>= 1.2, < 3)
    method_source (0.9.2)
    minitest (5.11.3)
    multipart-post (2.0.0)
    pry (0.12.2)
      coderay (~> 1.1.0)
      method_source (~> 0.9.0)
    public_suffix (3.0.3)
    rake (10.5.0)
    sawyer (0.8.1)
      addressable (>= 2.3.5, < 2.6)
      faraday (~> 0.8, < 1.0)

PLATFORMS
  ruby

DEPENDENCIES
  bundler (~> 1.16)
  karatekit!
  minitest (~> 5.0)
  pry (~> 0.12)
  rake (~> 10.0)

BUNDLED WITH
   1.16.6
